GEM
  remote: http://rubygems.org/
  specs:
    rack (2.0.1)
    rulers (0.1.0)
      rack

PLATFORMS
  x86-mingw32

DEPENDENCIES
  rulers

BUNDLED WITH
   1.11.2
